GEM
  remote: http://rubygems.org/
  specs:
    ZenTest (4.5.0)
    autotest (4.4.6)
      ZenTest (>= 4.4.1)
    autotest-notification (2.3.1)
      autotest (~> 4.3)
    daemons (1.1.4)
    diff-lcs (1.1.2)
    eventmachine (0.12.10)
    rack (1.3.0)
    rake (0.9.2)
    rpc (0.2)
    rspec (2.6.0)
      rspec-core (~> 2.6.0)
      rspec-expectations (~> 2.6.0)
      rspec-mocks (~> 2.6.0)
    rspec-core (2.6.4)
    rspec-expectations (2.6.0)
      diff-lcs (~> 1.1.2)
    rspec-mocks (2.6.0)
    simplecov (0.4.2)
      simplecov-html (~> 0.4.4)
    simplecov-html (0.4.5)
    thin (1.2.11)
      daemons (>= 1.0.9)
      eventmachine (>= 0.12.6)
      rack (>= 1.0.0)

PLATFORMS
  ruby

DEPENDENCIES
  autotest
  autotest-notification
  rack
  rake
  rpc
  rspec
  simplecov (>= 0.4.0)
  thin
